PATH
  remote: .
  specs:
    sass-aleksi (0.2.4)
      SassyLists (~> 2.2)
      compass-import-once (~> 1.0.5)
      sass (~> 3.3)
      sassy-maps (~> 0.4)

GEM
  remote: https://rubygems.org/
  specs:
    SassyLists (2.2.5)
      sass (~> 3.3)
    compass-import-once (1.0.5)
      sass (>= 3.2, < 3.5)
    sass (3.4.22)
    sassy-maps (0.4.0)
      sass (~> 3.3)
    true (2.1.3)
      sass (~> 3.4)

PLATFORMS
  ruby

DEPENDENCIES
  sass-aleksi!
  true (~> 2.1.3)

BUNDLED WITH
   1.13.2
